GEM
  remote: https://rubygems.org/
  specs:
    activesupport (3.2.14)
      i18n (~> 0.6, >= 0.6.4)
      multi_json (~> 1.0)
    builder (3.2.2)
    colored (1.2)
    cucumber (1.3.6)
      builder (>= 2.1.2)
      diff-lcs (>= 1.1.3)
      gherkin (~> 2.12.0)
      multi_json (~> 1.7.5)
      multi_test (>= 0.0.2)
    data_magic (0.15.2)
      faker (>= 1.1.2)
      yml_reader (>= 0.2)
    diff-lcs (1.2.4)
    dnssd (2.0)
    faker (1.2.0)
      i18n (~> 0.5)
    frank-cucumber (1.1.12)
      cucumber
      dnssd
      i18n
      json
      plist
      rspec (>= 2.0)
      sim_launcher (>= 0.4.6)
      thor
      xcodeproj (>= 0.5.3)
    furter (0.0.3.1)
      frank-cucumber (~> 1.1.8)
      page_navigation (>= 0.7)
    gherkin (2.12.1)
      multi_json (~> 1.3)
    i18n (0.6.5)
    json (1.8.0)
    multi_json (1.7.9)
    multi_test (0.0.2)
    page_navigation (0.9)
      data_magic (>= 0.14)
    plist (3.1.0)
    rack (1.5.2)
    rack-protection (1.5.0)
      rack
    rake (10.1.0)
    require_all (1.2.1)
    rspec (2.14.1)
      rspec-core (~> 2.14.0)
      rspec-expectations (~> 2.14.0)
      rspec-mocks (~> 2.14.0)
    rspec-core (2.14.4)
    rspec-expectations (2.14.1)
      diff-lcs (>= 1.1.3, < 2.0)
    rspec-mocks (2.14.3)
    sim_launcher (0.4.6)
      sinatra
    sinatra (1.4.3)
      rack (~> 1.4)
      rack-protection (~> 1.4)
      tilt (~> 1.3, >= 1.3.4)
    thor (0.18.1)
    tilt (1.4.1)
    xcodeproj (0.9.0)
      activesupport (~> 3.2.13)
      colored (~> 1.2)
    yml_reader (0.2)

PLATFORMS
  ruby

DEPENDENCIES
  cucumber
  furter
  rake
  require_all
  rspec
